GEM
  remote: http://rubygems.org/
  specs:
    backports (2.5.1)
    coffee-script (2.2.0)
      coffee-script-source
      execjs
    coffee-script-source (1.1.3)
    eventmachine (0.12.10)
    execjs (1.2.9)
      multi_json (~> 1.0)
    haml (3.1.4)
    hike (1.2.1)
    multi_json (1.0.4)
    rack (1.3.5)
    rack-contrib (1.1.0)
      rack (>= 0.9.1)
    rack-protection (1.1.4)
      rack
    rack-test (0.6.1)
      rack (>= 1.0)
    sass (3.1.11)
    sinatra (1.3.1)
      rack (~> 1.3, >= 1.3.4)
      rack-protection (~> 1.1, >= 1.1.2)
      tilt (~> 1.3, >= 1.3.3)
    sinatra-backbone (0.1.0.rc2)
      sinatra
    sinatra-contrib (1.3.1)
      backports (>= 2.0)
      eventmachine
      rack-protection
      rack-test
      sinatra (~> 1.3.0)
      tilt (~> 1.3)
    sinatra-reloader (1.0)
      sinatra-contrib
    sprockets (2.1.2)
      hike (~> 1.2)
      rack (~> 1.0)
      tilt (~> 1.1, != 1.3.0)
    sprockets-helpers (0.3.0)
      sprockets (~> 2.0)
    sprockets-sass (0.7.0)
      sprockets (~> 2.0)
      tilt (~> 1.1)
    tilt (1.3.3)

PLATFORMS
  ruby

DEPENDENCIES
  coffee-script
  haml
  rack-contrib
  sass
  sinatra
  sinatra-backbone
  sinatra-reloader
  sprockets
  sprockets-helpers (~> 0.2)
  sprockets-sass
  tilt
